GIT
  remote: git://github.com/brymck/what_methods.git
  revision: 83adabfafd8f82559a02d78ca16e0783adfe55ff
  specs:
    what_methods (1.0.2)

GEM
  remote: http://rubygems.org/
  specs:
    amatch (0.2.10)
      tins (~> 0.3)
    git (1.2.5)
    highline (1.6.11)
    i18n (0.6.0)
    interactive_editor (0.0.10)
      spoon (>= 0.0.1)
    json (1.6.5)
    konjac (0.3.3)
      amatch
      git
      highline
      i18n
      nokogiri
      rb-appscript
      sdoc
      term-ansicolor
      trollop
    nokogiri (1.5.0)
    nokogiri (1.5.0-x86-mingw32)
    rb-appscript (0.6.1)
    rdoc (3.12)
      json (~> 1.4)
    sdoc (0.3.16)
      json (>= 1.1.3)
      rdoc (~> 3.10)
    spoon (0.0.1)
    term-ansicolor (1.0.7)
    tins (0.3.9)
    trollop (1.16.2)
    wirble (0.1.3)

PLATFORMS
  ruby
  x86-mingw32

DEPENDENCIES
  interactive_editor
  konjac
  term-ansicolor
  what_methods!
  wirble
