GEM
  remote: http://rubygems.org/
  specs:
    interactive_editor (0.0.10)
      spoon (>= 0.0.1)
    spoon (0.0.1)
    term-ansicolor (1.0.7)
    wirble (0.1.3)

PLATFORMS
  ruby

DEPENDENCIES
  interactive_editor
  term-ansicolor
  wirble
