GIT
  remote: git://github.com/brymck/what_methods.git
  revision: 4651a263c20e69249b2c9c3a30c2a78d74abbc0d
  specs:
    what_methods (1.0.2)

GEM
  remote: http://rubygems.org/
  specs:
    interactive_editor (0.0.10)
      spoon (>= 0.0.1)
    spoon (0.0.1)
    term-ansicolor (1.0.7)
    wirble (0.1.3)

PLATFORMS
  ruby
  x86-mingw32

DEPENDENCIES
  interactive_editor
  term-ansicolor
  what_methods!
  wirble
